GEM
  remote: http://rubygems.org/
  specs:
    hpricot (0.8.6)
    redcarpet (2.1.0)

PLATFORMS
  ruby

DEPENDENCIES
  hpricot (~> 0.8.6)
  redcarpet (~> 2.1.0)
