GEM
  remote: http://rubygems.org/
  specs:
    hpricot (0.8.6)
    rdiscount (1.6.8)

PLATFORMS
  ruby

DEPENDENCIES
  hpricot (~> 0.8.6)
  rdiscount (~> 1.6.8)
